GEM
  remote: https://rubygems.org/
  specs:
    actionmailer (2.3.2)
      actionpack (= 2.3.2)
    actionpack (2.3.2)
      activesupport (= 2.3.2)
    activerecord (2.3.2)
      activesupport (= 2.3.2)
    activeresource (2.3.2)
      activesupport (= 2.3.2)
    activesupport (2.3.2)
    addressable (2.2.8)
    engineyard (1.4.29)
      engineyard-serverside-adapter (= 1.6.4)
      escape (~> 0.0.4)
      highline (~> 1.6.1)
      json_pure
      launchy (= 2.0.5)
      net-ssh (~> 2.2.1)
      rest-client (~> 1.6.0)
    engineyard-serverside (1.6.4)
    engineyard-serverside-adapter (1.6.4)
      escape (~> 0.0.4)
      json_pure
    escape (0.0.4)
    highline (1.6.12)
    json_pure (1.7.3)
    launchy (2.0.5)
      addressable (~> 2.2.6)
    mime-types (1.18)
    mysql2 (0.2.18)
    net-ssh (2.2.2)
    rails (2.3.2)
      actionmailer (= 2.3.2)
      actionpack (= 2.3.2)
      activerecord (= 2.3.2)
      activeresource (= 2.3.2)
      activesupport (= 2.3.2)
      rake (>= 0.8.3)
    rake (0.8.7)
    rest-client (1.6.7)
      mime-types (>= 1.16)
    sqlite3 (1.3.6)
    sqlite3-ruby (1.3.3)
      sqlite3 (>= 1.3.3)
    will_paginate (2.3.16)

PLATFORMS
  ruby

DEPENDENCIES
  engineyard
  engineyard-serverside
  mysql2 (< 0.3)
  rails (= 2.3.2)
  rake (= 0.8.7)
  sqlite3-ruby
  will_paginate (= 2.3.16)
